PATH
  remote: .
  specs:
    cfa-styleguide (0.10.4)
      autoprefixer-rails
      bourbon
      jquery-rails
      sass

GEM
  remote: https://rubygems.org/
  specs:
    actioncable (5.2.4.6)
      actionpack (= 5.2.4.6)
      nio4r (~> 2.0)
      websocket-driver (>= 0.6.1)
    actionmailer (5.2.4.6)
      actionpack (= 5.2.4.6)
      actionview (= 5.2.4.6)
      activejob (= 5.2.4.6)
      mail (~> 2.5, >= 2.5.4)
      rails-dom-testing (~> 2.0)
    actionpack (5.2.4.6)
      actionview (= 5.2.4.6)
      activesupport (= 5.2.4.6)
      rack (~> 2.0, >= 2.0.8)
      rack-test (>= 0.6.3)
      rails-dom-testing (~> 2.0)
      rails-html-sanitizer (~> 1.0, >= 1.0.2)
    actionview (5.2.4.6)
      activesupport (= 5.2.4.6)
      builder (~> 3.1)
      erubi (~> 1.4)
      rails-dom-testing (~> 2.0)
      rails-html-sanitizer (~> 1.0, >= 1.0.3)
    activejob (5.2.4.6)
      activesupport (= 5.2.4.6)
      globalid (>= 0.3.6)
    activemodel (5.2.4.6)
      activesupport (= 5.2.4.6)
    activerecord (5.2.4.6)
      activemodel (= 5.2.4.6)
      activesupport (= 5.2.4.6)
      arel (>= 9.0)
    activestorage (5.2.4.6)
      actionpack (= 5.2.4.6)
      activerecord (= 5.2.4.6)
      marcel (~> 0.3.1)
    activesupport (5.2.4.6)
      concurrent-ruby (~> 1.0, >= 1.0.2)
      i18n (>= 0.7, < 2)
      minitest (~> 5.1)
      tzinfo (~> 1.1)
    addressable (2.8.0)
      public_suffix (>= 2.0.2, < 5.0)
    arel (9.0.0)
    ast (2.4.2)
    async (1.30.1)
      console (~> 1.10)
      nio4r (~> 2.3)
      timers (~> 4.1)
    async-http (0.56.5)
      async (>= 1.25)
      async-io (>= 1.28)
      async-pool (>= 0.2)
      protocol-http (~> 0.22.0)
      protocol-http1 (~> 0.14.0)
      protocol-http2 (~> 0.14.0)
    async-http-faraday (0.11.0)
      async-http (~> 0.42)
      faraday
    async-io (1.32.2)
      async
    async-pool (0.3.8)
      async (>= 1.25)
    autoprefixer-rails (10.3.3.0)
      execjs (~> 2)
    axe-core-api (4.2.1)
      capybara
      dumb_delegator
      selenium-webdriver
      virtus
      watir
    axe-core-rspec (4.2.1)
      axe-core-api
      dumb_delegator
      virtus
    axiom-types (0.1.1)
      descendants_tracker (~> 0.0.4)
      ice_nine (~> 0.11.0)
      thread_safe (~> 0.3, >= 0.3.1)
    bourbon (7.0.0)
      thor (~> 1.0)
    builder (3.2.4)
    byebug (11.1.3)
    capybara (3.35.3)
      addressable
      mini_mime (>= 0.1.3)
      nokogiri (~> 1.8)
      rack (>= 1.6.0)
      rack-test (>= 0.6.3)
      regexp_parser (>= 1.5, < 3.0)
      xpath (~> 3.2)
    capybara-selenium (0.0.6)
      capybara
      selenium-webdriver
    childprocess (3.0.0)
    coderay (1.1.3)
    coercible (1.0.0)
      descendants_tracker (~> 0.0.1)
    concurrent-ruby (1.1.9)
    console (1.13.1)
      fiber-local
    crass (1.0.6)
    descendants_tracker (0.0.4)
      thread_safe (~> 0.3, >= 0.3.1)
    diff-lcs (1.4.4)
    dotenv (2.7.6)
    dumb_delegator (1.0.0)
    erubi (1.10.0)
    execjs (2.8.1)
    faraday (1.7.2)
      faraday-em_http (~> 1.0)
      faraday-em_synchrony (~> 1.0)
      faraday-excon (~> 1.1)
      faraday-httpclient (~> 1.0.1)
      faraday-net_http (~> 1.0)
      faraday-net_http_persistent (~> 1.1)
      faraday-patron (~> 1.0)
      faraday-rack (~> 1.0)
      multipart-post (>= 1.2, < 3)
      ruby2_keywords (>= 0.0.4)
    faraday-em_http (1.0.0)
    faraday-em_synchrony (1.0.0)
    faraday-excon (1.1.0)
    faraday-http-cache (2.2.0)
      faraday (>= 0.8)
    faraday-httpclient (1.0.1)
    faraday-net_http (1.0.1)
    faraday-net_http_persistent (1.2.0)
    faraday-patron (1.0.0)
    faraday-rack (1.0.0)
    ffi (1.15.4)
    fiber-local (1.0.0)
    gem-release (2.2.2)
    github_changelog_generator (1.16.4)
      activesupport
      async (>= 1.25.0)
      async-http-faraday
      faraday-http-cache
      multi_json
      octokit (~> 4.6)
      rainbow (>= 2.2.1)
      rake (>= 10.0)
    globalid (0.5.2)
      activesupport (>= 5.0)
    i18n (1.8.10)
      concurrent-ruby (~> 1.0)
    ice_nine (0.11.2)
    jaro_winkler (1.5.4)
    jquery-rails (4.4.0)
      rails-dom-testing (>= 1, < 3)
      railties (>= 4.2.0)
      thor (>= 0.14, < 2.0)
    loofah (2.12.0)
      crass (~> 1.0.2)
      nokogiri (>= 1.5.9)
    mail (2.7.1)
      mini_mime (>= 0.1.1)
    marcel (0.3.3)
      mimemagic (~> 0.3.2)
    method_source (1.0.0)
    mimemagic (0.3.10)
      nokogiri (~> 1)
      rake
    mini_mime (1.1.1)
    mini_portile2 (2.6.1)
    minitest (5.14.4)
    multi_json (1.15.0)
    multipart-post (2.1.1)
    nio4r (2.5.8)
    nokogiri (1.12.4)
      mini_portile2 (~> 2.6.1)
      racc (~> 1.4)
    octokit (4.21.0)
      faraday (>= 0.9)
      sawyer (~> 0.8.0, >= 0.5.3)
    parallel (1.21.0)
    parser (3.0.2.0)
      ast (~> 2.4.1)
    percy-capybara (5.0.0)
      capybara (>= 3)
    powerpack (0.1.3)
    protocol-hpack (1.4.2)
    protocol-http (0.22.5)
    protocol-http1 (0.14.2)
      protocol-http (~> 0.22)
    protocol-http2 (0.14.2)
      protocol-hpack (~> 1.4)
      protocol-http (~> 0.18)
    pry (0.13.1)
      coderay (~> 1.1)
      method_source (~> 1.0)
    pry-byebug (3.9.0)
      byebug (~> 11.0)
      pry (~> 0.13.0)
    public_suffix (4.0.6)
    racc (1.5.2)
    rack (2.2.3)
    rack-test (1.1.0)
      rack (>= 1.0, < 3)
    rails (5.2.4.6)
      actioncable (= 5.2.4.6)
      actionmailer (= 5.2.4.6)
      actionpack (= 5.2.4.6)
      actionview (= 5.2.4.6)
      activejob (= 5.2.4.6)
      activemodel (= 5.2.4.6)
      activerecord (= 5.2.4.6)
      activestorage (= 5.2.4.6)
      activesupport (= 5.2.4.6)
      bundler (>= 1.3.0)
      railties (= 5.2.4.6)
      sprockets-rails (>= 2.0.0)
    rails-dom-testing (2.0.3)
      activesupport (>= 4.2.0)
      nokogiri (>= 1.6)
    rails-html-sanitizer (1.4.2)
      loofah (~> 2.3)
    railties (5.2.4.6)
      actionpack (= 5.2.4.6)
      activesupport (= 5.2.4.6)
      method_source
      rake (>= 0.8.7)
      thor (>= 0.19.0, < 2.0)
    rainbow (3.0.0)
    rake (13.0.6)
    rb-fsevent (0.11.0)
    rb-inotify (0.10.1)
      ffi (~> 1.0)
    regexp_parser (2.1.1)
    rspec (3.10.0)
      rspec-core (~> 3.10.0)
      rspec-expectations (~> 3.10.0)
      rspec-mocks (~> 3.10.0)
    rspec-core (3.10.1)
      rspec-support (~> 3.10.0)
    rspec-expectations (3.10.1)
      diff-lcs (>= 1.2.0, < 2.0)
      rspec-support (~> 3.10.0)
    rspec-mocks (3.10.2)
      diff-lcs (>= 1.2.0, < 2.0)
      rspec-support (~> 3.10.0)
    rspec-rails (5.0.2)
      actionpack (>= 5.2)
      activesupport (>= 5.2)
      railties (>= 5.2)
      rspec-core (~> 3.10)
      rspec-expectations (~> 3.10)
      rspec-mocks (~> 3.10)
      rspec-support (~> 3.10)
    rspec-support (3.10.2)
    rspec_junit_formatter (0.4.1)
      rspec-core (>= 2, < 4, != 2.12.0)
    rubocop (0.64.0)
      jaro_winkler (~> 1.5.1)
      parallel (~> 1.10)
      parser (>= 2.5, != 2.5.1.1)
      powerpack (~> 0.1)
      rainbow (>= 2.2.2, < 4.0)
      ruby-progressbar (~> 1.7)
      unicode-display_width (~> 1.4.0)
    ruby-progressbar (1.11.0)
    ruby2_keywords (0.0.5)
    rubyzip (2.3.2)
    sass (3.7.4)
      sass-listen (~> 4.0.0)
    sass-listen (4.0.0)
      rb-fsevent (~> 0.9, >= 0.9.4)
      rb-inotify (~> 0.9, >= 0.9.7)
    sassc (2.4.0)
      ffi (~> 1.9)
    sassc-rails (2.1.2)
      railties (>= 4.0.0)
      sassc (>= 2.0)
      sprockets (> 3.0)
      sprockets-rails
      tilt
    sawyer (0.8.2)
      addressable (>= 2.3.5)
      faraday (> 0.8, < 2.0)
    selenium-webdriver (3.142.7)
      childprocess (>= 0.5, < 4.0)
      rubyzip (>= 1.2.2)
    sprockets (4.0.2)
      concurrent-ruby (~> 1.0)
      rack (> 1, < 3)
    sprockets-rails (3.2.2)
      actionpack (>= 4.0)
      activesupport (>= 4.0)
      sprockets (>= 3.0.0)
    thor (1.1.0)
    thread_safe (0.3.6)
    tilt (2.0.10)
    timers (4.3.3)
    tzinfo (1.2.9)
      thread_safe (~> 0.1)
    uglifier (4.2.0)
      execjs (>= 0.3.0, < 3)
    unicode-display_width (1.4.1)
    virtus (2.0.0)
      axiom-types (~> 0.1)
      coercible (~> 1.0)
      descendants_tracker (~> 0.0, >= 0.0.3)
    watir (6.19.1)
      regexp_parser (>= 1.2, < 3)
      selenium-webdriver (>= 3.142.7)
    websocket-driver (0.7.5)
      websocket-extensions (>= 0.1.0)
    websocket-extensions (0.1.5)
    xpath (3.2.0)
      nokogiri (~> 1.8)

PLATFORMS
  ruby

DEPENDENCIES
  axe-core-rspec (~> 4.2.1)
  bundler (~> 2.2.19)
  capybara
  capybara-selenium
  cfa-styleguide!
  dotenv
  gem-release
  github_changelog_generator
  percy-capybara (~> 5.0.0)
  pry-byebug
  rack (>= 2.0.8)
  rails (~> 5.2.4.6)
  rake (>= 12.3.3)
  rspec
  rspec-rails
  rspec_junit_formatter
  rubocop (~> 0.64.0)
  sassc-rails
  selenium-webdriver
  uglifier

RUBY VERSION
   ruby 2.5.3p105

BUNDLED WITH
   2.2.19
